GEM
  remote: https://rubygems.org/
  specs:
    concurrent-ruby (1.3.4)
    connection_pool (2.4.1)
    dotenv (3.1.4)
    et-orbi (1.2.11)
      tzinfo
    fugit (1.11.1)
      et-orbi (~> 1, >= 1.2.11)
      raabro (~> 1.4)
    logger (1.6.1)
    raabro (1.4.0)
    redis (5.3.0)
      redis-client (>= 0.22.0)
    redis-client (0.22.2)
      connection_pool
    rufus-scheduler (3.9.2)
      fugit (~> 1.1, >= 1.11.1)
    tzinfo (2.0.6)
      concurrent-ruby (~> 1.0)
    tzinfo-data (1.2024.2)
      tzinfo (>= 1.0.0)

PLATFORMS
  arm64-darwin-24
  ruby

DEPENDENCIES
  dotenv (~> 3.1, >= 3.1.4)
  logger (~> 1.6, >= 1.6.1)
  redis (~> 5.3)
  rufus-scheduler (~> 3.9, >= 3.9.2)
  tzinfo-data (~> 1.2024, >= 1.2024.2)

BUNDLED WITH
   2.5.16
