GEM
  remote: https://rubygems.org/
  specs:
    concurrent-ruby (1.3.4)
    dotenv (3.1.4)
    et-orbi (1.2.11)
      tzinfo
    fugit (1.11.1)
      et-orbi (~> 1, >= 1.2.11)
      raabro (~> 1.4)
    raabro (1.4.0)
    rufus-scheduler (3.9.2)
      fugit (~> 1.1, >= 1.11.1)
    tzinfo (2.0.6)
      concurrent-ruby (~> 1.0)

PLATFORMS
  arm64-darwin-24
  ruby

DEPENDENCIES
  dotenv (~> 3.1, >= 3.1.4)
  rufus-scheduler (~> 3.9, >= 3.9.2)

BUNDLED WITH
   2.5.16
